PATH
  remote: .
  specs:
    vermelinho (0.0.2)

GEM
  remote: https://rubygems.org/
  specs:
    minitest (5.14.4)
    rake (13.0.6)

PLATFORMS
  ruby

DEPENDENCIES
  minitest
  rake
  vermelinho!

BUNDLED WITH
   2.1.4
